GEM
  remote: http://rubygems.org/
  specs:
    haml (3.0.25)
    hiredis (0.3.1)
    json (1.5.1)
    rack (1.2.2)
    redis (2.2.0)
    sinatra (1.2.3)
      rack (~> 1.1)
      tilt (< 2.0, >= 1.2.2)
    tilt (1.2.2)

PLATFORMS
  java
  ruby

DEPENDENCIES
  haml
  hiredis
  json
  redis
  sinatra
