GIT
  remote: git://github.com/couchrest/couchrest.git
  revision: 9a40db302489d9f4b3c61793450b3577a54fa49c
  specs:
    couchrest (1.1.0.pre2)
      json (~> 1.5.1)
      mime-types (~> 1.15)
      rest-client (~> 1.6.1)

GEM
  remote: http://rubygems.org/
  specs:
    backports (2.1.0)
    daemons (1.1.2)
    eventmachine (0.12.10)
    eventmachine (0.12.10-java)
    facets (2.9.1)
    haml (3.0.25)
    json (1.5.1)
    json (1.5.1-java)
    mime-types (1.16)
    monkey-lib (0.5.4)
      backports
    rack (1.2.2)
    redis (2.2.0)
    rest-client (1.6.1)
      mime-types (>= 1.16)
    sinatra (1.2.3)
      rack (~> 1.1)
      tilt (< 2.0, >= 1.2.2)
    sinatra-advanced-routes (0.5.1)
      monkey-lib (~> 0.5.0)
      sinatra (~> 1.0)
      sinatra-sugar (~> 0.5.0)
    sinatra-reloader (0.5.0)
      sinatra (~> 1.0)
      sinatra-advanced-routes (~> 0.5.0)
    sinatra-sugar (0.5.0)
      monkey-lib (~> 0.5.0)
      sinatra (~> 1.0)
    thin (1.2.11)
      daemons (>= 1.0.9)
      eventmachine (>= 0.12.6)
      rack (>= 1.0.0)
    tilt (1.2.2)

PLATFORMS
  java
  ruby

DEPENDENCIES
  couchrest!
  eventmachine
  facets
  haml
  redis
  sinatra
  sinatra-reloader
  thin
