GIT
  remote: git://github.com/couchrest/couchrest.git
  revision: 9a40db302489d9f4b3c61793450b3577a54fa49c
  specs:
    couchrest (1.1.0.pre2)
      json (~> 1.5.1)
      mime-types (~> 1.15)
      rest-client (~> 1.6.1)

GEM
  remote: http://rubygems.org/
  specs:
    json (1.5.1)
    json (1.5.1-java)
    mime-types (1.16)
    rack (1.2.2)
    rest-client (1.6.1)
      mime-types (>= 1.16)
    sinatra (1.2.3)
      rack (~> 1.1)
      tilt (>= 1.2.2, < 2.0)
    tilt (1.2.2)
    typhoeus (0.2.4)
      mime-types
      mime-types

PLATFORMS
  java
  ruby

DEPENDENCIES
  couchrest!
  sinatra
  typhoeus
